GEM
  remote: https://rubygems.org/
  specs:
    Ascii85 (1.0.2)
    actionmailer (2.3.5)
      actionpack (= 2.3.5)
    actionpack (2.3.5)
      activesupport (= 2.3.5)
      rack (~> 1.0.0)
    activerecord (2.3.5)
      activesupport (= 2.3.5)
    activeresource (2.3.5)
      activesupport (= 2.3.5)
    activesupport (2.3.5)
    acts_as_archive (0.4.0)
      also_migrate (= 0.3.5)
      mover (= 0.3.6)
    afm (0.2.0)
    akami (1.2.0)
      gyoku (>= 0.4.0)
      nokogiri (>= 1.4.0)
    also_migrate (0.3.5)
    breadcrumbs_on_rails (1.0.1)
    builder (2.1.2)
    capistrano (2.14.2)
      highline
      net-scp (>= 1.0.0)
      net-sftp (>= 2.0.0)
      net-ssh (>= 2.0.14)
      net-ssh-gateway (>= 1.1.0)
    cgi_multipart_eof_fix (2.5.0)
    chronic (0.6.7)
    cocaine (0.3.2)
    columnize (0.3.6)
    cucumber (0.10.6)
      builder (>= 2.1.2)
      diff-lcs (>= 1.1.2)
      gherkin (~> 2.4.0)
      json (>= 1.4.6)
      term-ansicolor (>= 1.0.5)
    cucumber-rails (0.3.2)
      cucumber (>= 0.8.0)
    daemons (1.1.9)
    database_cleaner (0.6.0)
    db_populate (0.2.6)
    diff-lcs (1.2.1)
    fastercsv (1.5.4)
    fastthread (1.0.7)
    gem_plugin (0.2.3)
    gherkin (2.4.21)
      json (>= 1.4.6)
    googlecharts (1.6.3)
    grosser-ssl_requirement (0.1.0)
      actionpack
    gyoku (1.0.0)
      builder (>= 2.1.2)
    hashery (2.1.0)
    highline (1.6.16)
    httpi (0.9.7)
      rack
    json (1.4.6)
    linecache (0.46)
      rbx-require-relative (> 0.0.4)
    mime-types (1.21)
    mongrel (1.1.5)
      cgi_multipart_eof_fix (>= 2.4)
      daemons (>= 1.0.3)
      fastthread (>= 1.0.1)
      gem_plugin (>= 0.2.3)
    mover (0.3.6)
    mysql (2.8.1)
    net-scp (1.1.0)
      net-ssh (>= 2.6.5)
    net-sftp (2.1.1)
      net-ssh (>= 2.6.5)
    net-ssh (2.6.6)
    net-ssh-gateway (1.2.0)
      net-ssh (>= 2.6.5)
    newrelic_rpm (3.6.5.130)
    nokogiri (1.5.7)
    nori (1.1.5)
    packet (0.1.15)
    paperclip (2.7.5)
      activerecord (>= 2.3.0)
      activesupport (>= 2.3.2)
      cocaine (~> 0.3.0)
      mime-types
    pdf-reader (1.3.2)
      Ascii85 (~> 1.0.0)
      afm (~> 0.2.0)
      hashery (~> 2.0)
      ruby-rc4
      ttfunk
    prawn (0.12.0)
      pdf-reader (>= 0.9.0)
      ttfunk (~> 1.0.2)
    rack (1.0.1)
    rack-test (0.6.2)
      rack (>= 1.0)
    rails (2.3.5)
      actionmailer (= 2.3.5)
      actionpack (= 2.3.5)
      activerecord (= 2.3.5)
      activeresource (= 2.3.5)
      activesupport (= 2.3.5)
      rake (>= 0.8.3)
    rake (0.8.7)
    rbx-require-relative (0.0.9)
    rcov (1.0.0)
    rspec (1.3.2)
    rspec-rails (1.3.4)
      rack (>= 1.0.0)
      rspec (~> 1.3.1)
    ruby-debug (0.10.4)
      columnize (>= 0.1)
      ruby-debug-base (~> 0.10.4.0)
    ruby-debug-base (0.10.4)
      linecache (>= 0.3)
    ruby-ole (1.2.11.6)
    ruby-prof (0.13.0)
    ruby-rc4 (0.1.5)
    savon (0.9.6)
      akami (~> 1.0)
      builder (>= 2.1.2)
      gyoku (>= 0.4.0)
      httpi (~> 0.9)
      nokogiri (>= 1.4.0)
      nori (~> 1.0)
      wasabi (~> 2.0)
    spreadsheet (0.6.5.7)
      ruby-ole (>= 1.0)
    term-ansicolor (1.1.1)
    ttfunk (1.0.3)
    wasabi (2.3.0)
      nokogiri (>= 1.4.0)
    webrat (0.7.3)
      nokogiri (>= 1.2.0)
      rack (>= 1.0)
      rack-test (>= 0.5.3)
    whenever (0.7.3)
      activesupport (>= 2.3.4)
      chronic (~> 0.6.3)
    will_paginate (2.3.16)

PLATFORMS
  ruby

DEPENDENCIES
  acts_as_archive (= 0.4.0)
  breadcrumbs_on_rails (= 1.0.1)
  builder (= 2.1.2)
  capistrano (= 2.14.2)
  chronic
  cucumber (= 0.10.6)
  cucumber-rails (~> 0.3.2)
  database_cleaner (= 0.6.0)
  db_populate (= 0.2.6)
  fastercsv (= 1.5.4)
  googlecharts (= 1.6.3)
  grosser-ssl_requirement
  json (= 1.4.6)
  mongrel
  mysql (= 2.8.1)
  newrelic_rpm
  packet
  paperclip (~> 2.7.0)
  prawn
  rails (= 2.3.5)
  rake (~> 0.8.7)
  rcov (= 1.0.0)
  rspec (~> 1.3.1)
  rspec-rails (~> 1.3.4)
  ruby-debug (~> 0.10.4)
  ruby-prof
  savon (= 0.9.6)
  spreadsheet (= 0.6.5.7)
  webrat (~> 0.7.3)
  whenever (~> 0.7.0)
  will_paginate (~> 2.3.11)
